PATH
  remote: .
  specs:
    NextNumber (0.0.1)

GEM
  remote: https://rubygems.org/
  specs:
    rake (~> 0.8.7)

PLATFORMS
  ruby

DEPENDENCIES
  NextNumber!
  bundler (~> 1.3)
  rake
